GIT
  remote: https://github.com/sinatra/sinatra.git
  revision: 8a7da30a84e6d6e686b8db1e060e43cff3c25b4a
  specs:
    rack-protection (2.0.4)
      rack
    sinatra (2.0.4)
      mustermann (~> 1.0)
      rack (~> 2.0)
      rack-protection (= 2.0.4)
      tilt (~> 2.0)
    sinatra-contrib (2.0.4)
      backports (>= 2.8.2)
      multi_json
      mustermann (~> 1.0)
      rack-protection (= 2.0.4)
      sinatra (= 2.0.4)
      tilt (>= 1.3, < 3)

GEM
  remote: https://rubygems.org/
  specs:
    backports (3.11.4)
    dotenv (2.5.0)
    faraday (0.15.4)
      multipart-post (>= 1.2, < 3)
    mini_magick (4.9.2)
    multi_json (1.13.1)
    multipart-post (2.0.0)
    mustermann (1.0.3)
    puma (3.12.0)
    rack (2.0.6)
    slim (4.0.1)
      temple (>= 0.7.6, < 0.9)
      tilt (>= 2.0.6, < 2.1)
    temple (0.8.0)
    tilt (2.0.9)

PLATFORMS
  ruby

DEPENDENCIES
  dotenv
  faraday
  mini_magick
  puma
  sinatra!
  sinatra-contrib!
  slim

BUNDLED WITH
   1.17.1
