GIT
  remote: https://github.com/sinatra/sinatra.git
  revision: ba63ae84bd52174af03d3933863007ca8a37ac1c
  specs:
    rack-protection (2.0.4)
      rack
    sinatra (2.0.4)
      mustermann (~> 1.0)
      rack (~> 2.0)
      rack-protection (= 2.0.4)
      tilt (~> 2.0)
    sinatra-contrib (2.0.4)
      backports (>= 2.8.2)
      multi_json
      mustermann (~> 1.0)
      rack-protection (= 2.0.4)
      sinatra (= 2.0.4)
      tilt (>= 1.3, < 3)

GEM
  remote: https://rubygems.org/
  specs:
    backports (3.11.4)
    dotenv (2.5.0)
    faraday (0.15.4)
      multipart-post (>= 1.2, < 3)
    ffi (1.9.25)
    image_processing (1.7.1)
      mini_magick (~> 4.0)
      ruby-vips (>= 2.0.13, < 3)
    mini_magick (4.9.2)
    multi_json (1.13.1)
    multipart-post (2.0.0)
    mustermann (1.0.3)
    puma (3.12.0)
    rack (2.0.6)
    ruby-vips (2.0.13)
      ffi (~> 1.9)
    slim (4.0.1)
      temple (>= 0.7.6, < 0.9)
      tilt (>= 2.0.6, < 2.1)
    temple (0.8.0)
    tilt (2.0.9)

PLATFORMS
  ruby

DEPENDENCIES
  dotenv
  faraday
  image_processing
  mini_magick
  puma
  ruby-vips
  sinatra!
  sinatra-contrib!
  slim

BUNDLED WITH
   1.17.1
